PATH
  remote: .
  specs:
    ach (0.5.1)
      holidays (>= 1.2.0, < 5.1.0)

GEM
  remote: https://rubygems.org/
  specs:
    ZenTest (4.11.1)
    appraisal (2.1.0)
      bundler
      rake
      thor (>= 0.14.0)
    autotest (4.4.6)
      ZenTest (>= 4.4.1)
    byebug (9.0.6)
    diff-lcs (1.2.5)
    holidays (5.0.0)
    rake (11.3.0)
    rspec (3.5.0)
      rspec-core (~> 3.5.0)
      rspec-expectations (~> 3.5.0)
      rspec-mocks (~> 3.5.0)
    rspec-core (3.5.3)
      rspec-support (~> 3.5.0)
    rspec-expectations (3.5.0)
      diff-lcs (>= 1.2.0, < 2.0)
      rspec-support (~> 3.5.0)
    rspec-mocks (3.5.0)
      diff-lcs (>= 1.2.0, < 2.0)
      rspec-support (~> 3.5.0)
    rspec-support (3.5.0)
    thor (0.19.1)

PLATFORMS
  ruby

DEPENDENCIES
  ach!
  appraisal
  autotest
  byebug
  rake
  rspec (~> 3.2)

BUNDLED WITH
   1.13.1
